GEM
  specs:
    coderay (1.1.3)
    concurrent-ruby (1.1.9)
    faker (2.17.0)
      i18n (>= 1.6, < 2)
    i18n (1.10.0)
      concurrent-ruby (~> 1.0)
    method_source (1.0.0)
    minitest (5.15.0)
    pry (0.14.1)
      coderay (~> 1.1)
      method_source (~> 1.0)

PLATFORMS
  ruby

DEPENDENCIES
  faker
  minitest
  pry

BUNDLED WITH
   2.1.4
